GIT
  remote: git@github.com:Plazr/plazr_auth.git
  revision: 05d1b3beae33da21f93ce975b771356bf17cc5b3
  specs:
    plazr_auth (0.0.1)
      cancan (>= 1.6.8)
      devise (>= 2.0.4)
      devise-encryptable (>= 0.1.1)
      devise_invitable (>= 1.0.0)
      factory_girl_rails (~> 4.0)
      oa-oauth
      omniauth (~> 1.0.2)
      omniauth-facebook (~> 1.2.0)
      omniauth-openid (~> 1.0.1)
      omniauth-twitter
      rails (~> 3.2.7)
      slim-rails
      uuidtools (>= 2.1.2)
      uuidtools (>= 2.1.2)

PATH
  remote: .
  specs:
    plazr_store (0.0.1)
      cocaine (= 0.3.2)
      compass-rails
      haml
      lorem_ipsum_amet
      paperclip
      paranoia
      paranoia_uniqueness_validator
      rails (~> 3.2.9)
      rails_engine_decorators
      rb-readline
      sass-rails
      turbolinks
      will_paginate (~> 3.0.0)

GEM
  remote: http://rubygems.org/
  specs:
    actionmailer (3.2.9)
      actionpack (= 3.2.9)
      mail (~> 2.4.4)
    actionpack (3.2.9)
      activemodel (= 3.2.9)
      activesupport (= 3.2.9)
      builder (~> 3.0.0)
      erubis (~> 2.7.0)
      journey (~> 1.0.4)
      rack (~> 1.4.0)
      rack-cache (~> 1.2)
      rack-test (~> 0.6.1)
      sprockets (~> 2.2.1)
    activemodel (3.2.9)
      activesupport (= 3.2.9)
      builder (~> 3.0.0)
    activerecord (3.2.9)
      activemodel (= 3.2.9)
      activesupport (= 3.2.9)
      arel (~> 3.0.2)
      tzinfo (~> 0.3.29)
    activeresource (3.2.9)
      activemodel (= 3.2.9)
      activesupport (= 3.2.9)
    activesupport (3.2.9)
      i18n (~> 0.6)
      multi_json (~> 1.0)
    addressable (2.3.2)
    arel (3.0.2)
    bcrypt-ruby (3.0.1)
    bootstrap-datepicker-rails (0.6.33)
      railties (>= 3.0)
    bourne (1.1.2)
      mocha (= 0.10.5)
    builder (3.0.4)
    cancan (1.6.8)
    capybara (2.0.1)
      mime-types (>= 1.16)
      nokogiri (>= 1.3.3)
      rack (>= 1.0.0)
      rack-test (>= 0.5.4)
      selenium-webdriver (~> 2.0)
      xpath (~> 1.0.0)
    childprocess (0.3.6)
      ffi (~> 1.0, >= 1.0.6)
    chunky_png (1.2.6)
    cocaine (0.3.2)
    coderay (1.0.8)
    coffee-rails (3.2.2)
      coffee-script (>= 2.2.0)
      railties (~> 3.2.0)
    coffee-script (2.2.0)
      coffee-script-source
      execjs
    coffee-script-source (1.4.0)
    compass (0.12.2)
      chunky_png (~> 1.2)
      fssm (>= 0.2.7)
      sass (~> 3.1)
    compass-rails (1.0.3)
      compass (>= 0.12.2, < 0.14)
    cucumber (1.2.1)
      builder (>= 2.1.2)
      diff-lcs (>= 1.1.3)
      gherkin (~> 2.11.0)
      json (>= 1.4.6)
    cucumber-rails (1.3.0)
      capybara (>= 1.1.2)
      cucumber (>= 1.1.8)
      nokogiri (>= 1.5.0)
    daemons (1.1.9)
    database_cleaner (0.9.1)
    devise (2.2.0.rc)
      bcrypt-ruby (~> 3.0)
      orm_adapter (~> 0.1)
      railties (~> 3.1)
      warden (~> 1.2.1)
    devise-encryptable (0.1.1)
      devise (>= 2.1.0.rc)
    devise_invitable (1.1.4)
      actionmailer (~> 3.0)
      devise (>= 2.1.0)
      railties (~> 3.0)
    diff-lcs (1.1.3)
    erubis (2.7.0)
    eventmachine (1.0.0)
    execjs (1.4.0)
      multi_json (~> 1.0)
    factory_girl (4.1.0)
      activesupport (>= 3.0.0)
    factory_girl_rails (4.1.0)
      factory_girl (~> 4.1.0)
      railties (>= 3.0.0)
    faker (1.1.2)
      i18n (~> 0.5)
    faraday (0.8.4)
      multipart-post (~> 1.1)
    ffi (1.2.0)
    fssm (0.2.9)
    fuubar (1.1.0)
      rspec (~> 2.0)
      rspec-instafail (~> 0.2.0)
      ruby-progressbar (~> 1.0.0)
    gherkin (2.11.5)
      json (>= 1.4.6)
    growl (1.0.3)
    guard (1.5.4)
      listen (>= 0.4.2)
      lumberjack (>= 1.0.2)
      pry (>= 0.9.10)
      thor (>= 0.14.6)
    guard-rspec (2.3.1)
      guard (>= 1.1)
      rspec (~> 2.11)
    guard-spork (1.4.0)
      childprocess (>= 0.2.3)
      guard (>= 1.1)
      spork (>= 0.8.4)
    haml (3.1.7)
    hashie (1.2.0)
    hike (1.2.1)
    httpauth (0.2.0)
    i18n (0.6.1)
    journey (1.0.4)
    jquery-rails (2.1.4)
      railties (>= 3.0, < 5.0)
      thor (>= 0.14, < 2.0)
    json (1.7.5)
    jwt (0.1.5)
      multi_json (>= 1.0)
    libwebsocket (0.1.7.1)
      addressable
      websocket
    listen (0.6.0)
    lorem_ipsum_amet (0.6.1)
    lumberjack (1.0.2)
    mail (2.4.4)
      i18n (>= 0.4.0)
      mime-types (~> 1.16)
      treetop (~> 1.4.8)
    metaclass (0.0.1)
    method_source (0.8.1)
    mime-types (1.19)
    mocha (0.10.5)
      metaclass (~> 0.0.1)
    multi_json (1.5.0)
    multipart-post (1.1.5)
    nokogiri (1.5.5)
    oa-core (0.0.5)
      rack (~> 1.1)
    oa-oauth (0.0.1)
      json
      nokogiri
      oa-core (~> 0.0.0)
      oauth
      oauth2
    oauth (0.4.7)
    oauth2 (0.8.0)
      faraday (~> 0.8)
      httpauth (~> 0.1)
      jwt (~> 0.1.4)
      multi_json (~> 1.0)
      rack (~> 1.2)
    omniauth (1.0.3)
      hashie (~> 1.2)
      rack
    omniauth-facebook (1.2.0)
      omniauth-oauth2 (~> 1.0.0)
    omniauth-oauth (1.0.1)
      oauth
      omniauth (~> 1.0)
    omniauth-oauth2 (1.0.3)
      oauth2 (~> 0.8.0)
      omniauth (~> 1.0)
    omniauth-openid (1.0.1)
      omniauth (~> 1.0)
      rack-openid (~> 1.3.1)
    omniauth-twitter (0.0.14)
      multi_json (~> 1.3)
      omniauth-oauth (~> 1.0)
    orm_adapter (0.4.0)
    paperclip (3.2.1)
      activemodel (>= 3.0.0)
      activerecord (>= 3.0.0)
      activesupport (>= 3.0.0)
      cocaine (>= 0.0.2)
      mime-types
    paranoia (1.2.0)
      activerecord (>= 3.0.0)
    paranoia_uniqueness_validator (0.1.0)
      activerecord (~> 3.0)
    polyglot (0.3.3)
    pry (0.9.10)
      coderay (~> 1.0.5)
      method_source (~> 0.8)
      slop (~> 3.3.1)
    pry-rails (0.2.2)
      pry (>= 0.9.10)
    puma (1.6.3)
      rack (~> 1.2)
    rack (1.4.1)
    rack-cache (1.2)
      rack (>= 0.4)
    rack-openid (1.3.1)
      rack (>= 1.1.0)
      ruby-openid (>= 2.1.8)
    rack-ssl (1.3.2)
      rack
    rack-test (0.6.2)
      rack (>= 1.0)
    rails (3.2.9)
      actionmailer (= 3.2.9)
      actionpack (= 3.2.9)
      activerecord (= 3.2.9)
      activeresource (= 3.2.9)
      activesupport (= 3.2.9)
      bundler (~> 1.0)
      railties (= 3.2.9)
    rails_engine_decorators (0.0.1)
      railties (~> 3.2.8)
    railties (3.2.9)
      actionpack (= 3.2.9)
      activesupport (= 3.2.9)
      rack-ssl (~> 1.3.2)
      rake (>= 0.8.7)
      rdoc (~> 3.4)
      thor (>= 0.14.6, < 2.0)
    rake (10.0.3)
    rb-fsevent (0.9.2)
    rb-readline (0.4.2)
    rdoc (3.12)
      json (~> 1.4)
    rspec (2.12.0)
      rspec-core (~> 2.12.0)
      rspec-expectations (~> 2.12.0)
      rspec-mocks (~> 2.12.0)
    rspec-core (2.12.2)
    rspec-expectations (2.12.1)
      diff-lcs (~> 1.1.3)
    rspec-instafail (0.2.4)
    rspec-mocks (2.12.0)
    rspec-rails (2.12.0)
      actionpack (>= 3.0)
      activesupport (>= 3.0)
      railties (>= 3.0)
      rspec-core (~> 2.12.0)
      rspec-expectations (~> 2.12.0)
      rspec-mocks (~> 2.12.0)
    ruby-openid (2.2.2)
    ruby-progressbar (1.0.2)
    rubyzip (0.9.9)
    sass (3.2.4)
    sass-rails (3.2.5)
      railties (~> 3.2.0)
      sass (>= 3.1.10)
      tilt (~> 1.3)
    selenium-webdriver (2.27.2)
      childprocess (>= 0.2.5)
      libwebsocket (~> 0.1.3)
      multi_json (~> 1.0)
      rubyzip
    shoulda-matchers (1.4.2)
      activesupport (>= 3.0.0)
      bourne (~> 1.1.2)
    simplecov (0.7.1)
      multi_json (~> 1.0)
      simplecov-html (~> 0.7.1)
    simplecov-html (0.7.1)
    slim (1.3.4)
      temple (~> 0.5.5)
      tilt (~> 1.3.3)
    slim-rails (1.0.3)
      actionpack (~> 3.0)
      activesupport (~> 3.0)
      railties (~> 3.0)
      slim (~> 1.0)
    slop (3.3.3)
    spork (0.9.2)
    sprockets (2.2.2)
      hike (~> 1.2)
      multi_json (~> 1.0)
      rack (~> 1.0)
      tilt (~> 1.1, != 1.3.0)
    sqlite3 (1.3.6)
    temple (0.5.5)
    thin (1.5.0)
      daemons (>= 1.0.9)
      eventmachine (>= 0.12.6)
      rack (>= 1.0.0)
    thor (0.16.0)
    tilt (1.3.3)
    treetop (1.4.12)
      polyglot
      polyglot (>= 0.3.1)
    turbolinks (0.6.1)
      coffee-rails
    tzinfo (0.3.35)
    uuidtools (2.1.3)
    warden (1.2.1)
      rack (>= 1.0)
    websocket (1.0.4)
    will_paginate (3.0.3)
    xpath (1.0.0)
      nokogiri (~> 1.3)

PLATFORMS
  ruby

DEPENDENCIES
  bootstrap-datepicker-rails
  cucumber-rails
  database_cleaner
  factory_girl_rails
  faker
  fuubar
  growl
  guard-rspec
  guard-spork
  jquery-rails
  plazr_auth!
  plazr_store!
  pry-rails
  puma
  rb-fsevent
  rspec-rails
  shoulda-matchers
  simplecov
  sqlite3
  thin
